GEM
  remote: https://rubygems.org/
  specs:
    webrick (1.7.0)

PLATFORMS
  x86_64-darwin-20

DEPENDENCIES
  webrick

BUNDLED WITH
   2.4.0.dev
